PATH
  remote: .
  specs:
    corneal (1.0.0)
      activesupport (~> 5.0)
      thor (~> 0.18)

GEM
  remote: https://rubygems.org/
  specs:
    activesupport (5.0.0.1)
      concurrent-ruby (~> 1.0, >= 1.0.2)
      i18n (~> 0.7)
      minitest (~> 5.1)
      tzinfo (~> 1.1)
    coderay (1.1.1)
    concurrent-ruby (1.0.2)
    fakefs (0.4.3)
    i18n (0.7.0)
    method_source (0.8.2)
    minitest (5.2.0)
    pry (0.10.4)
      coderay (~> 1.1.0)
      method_source (~> 0.8.1)
      slop (~> 3.4)
    rake (10.1.1)
    slop (3.6.0)
    thor (0.19.1)
    thread_safe (0.3.5)
    tzinfo (1.2.2)
      thread_safe (~> 0.1)

PLATFORMS
  ruby

DEPENDENCIES
  bundler (~> 1.5, >= 1.5.1)
  corneal!
  fakefs (~> 0.4)
  minitest (~> 5.2)
  pry
  rake (~> 10.0)

BUNDLED WITH
   1.12.5
